PATH
  remote: .
  specs:
    feature_envy (0.1.0)

GEM
  remote: https://rubygems.org/
  specs:
    ast (2.4.2)
    minitest (5.18.0)
    parallel (1.22.1)
    parser (3.2.1.1)
      ast (~> 2.4.1)
    rainbow (3.1.1)
    rake (13.0.6)
    regexp_parser (2.7.0)
    rexml (3.2.5)
    rubocop (1.21.0)
      parallel (~> 1.10)
      parser (>= 3.0.0.0)
      rainbow (>= 2.2.2, < 4.0)
      regexp_parser (>= 1.8, < 3.0)
      rexml
      rubocop-ast (>= 1.9.1, < 2.0)
      ruby-progressbar (~> 1.7)
      unicode-display_width (>= 1.4.0, < 3.0)
    rubocop-ast (1.27.0)
      parser (>= 3.2.1.0)
    rubocop-minitest (0.26.1)
      rubocop (>= 0.90, < 2.0)
    rubocop-rake (0.6.0)
      rubocop (~> 1.0)
    ruby-progressbar (1.13.0)
    unicode-display_width (2.4.2)
    webrick (1.7.0)
    yard (0.9.28)
      webrick (~> 1.7.0)

PLATFORMS
  arm64-darwin-22
  x86_64-linux

DEPENDENCIES
  feature_envy!
  minitest (~> 5.18.0)
  rake (~> 13.0.6)
  rubocop (~> 1.21.0)
  rubocop-minitest (~> 0.26.1)
  rubocop-rake (~> 0.6.0)
  yard (~> 0.9.28)

BUNDLED WITH
   2.4.1
